NUGET
  remote: https://nuget.org/api/v2
  specs:
    Antlr (3.5.0.2) - framework: >= net45
    AssertEx (1.0.0) - framework: >= net45
    Autofac (3.5.2) - framework: >= net45
    Autofac.Mvc5 (3.3.3) - framework: >= net45
      Autofac (>= 3.4.0 < 4.0.0)
      Microsoft.AspNet.Mvc (>= 5.1.0 < 6.0.0)
    bootstrap (3.3.1) - framework: >= net45
      jQuery (>= 1.9.0)
    Castle.Core (3.3.3) - framework: >= net45
    Castle.Windsor (3.3.0) - framework: >= net45
      Castle.Core (>= 3.3.0)
    ExpectedObjects (1.2.1) - framework: >= net45
    jQuery (2.1.3) - framework: >= net45
    jQuery.Validation (1.13.1) - framework: >= net45
      jQuery (>= 1.4.4)
    MahApps.Metro (1.1.2.0) - framework: >= net45
    MahApps.Metro.Resources (0.4.0.0) - framework: >= net45
      MahApps.Metro (>= 1.0.0)
    Microsoft.AspNet.Identity.Core (2.1.0) - framework: >= net45
    Microsoft.AspNet.Identity.Owin (2.1.0) - framework: >= net45
      Microsoft.AspNet.Identity.Core (>= 2.1.0)
      Microsoft.Owin.Security (>= 2.1.0)
      Microsoft.Owin.Security.Cookies (>= 2.1.0)
      Microsoft.Owin.Security.OAuth (>= 2.1.0)
    Microsoft.AspNet.Mvc (5.2.2) - framework: >= net45
      Microsoft.AspNet.Razor (>= 3.2.2 < 3.3.0)
      Microsoft.AspNet.WebPages (>= 3.2.2 < 3.3.0)
    Microsoft.AspNet.Razor (3.2.2) - framework: >= net45
    Microsoft.AspNet.Web.Optimization (1.1.3) - framework: >= net45
      Microsoft.Web.Infrastructure (>= 1.0.0)
      WebGrease (>= 1.5.2)
    Microsoft.AspNet.WebPages (3.2.2) - framework: >= net45
      Microsoft.AspNet.Razor (>= 3.2.2 < 3.3.0)
      Microsoft.Web.Infrastructure (>= 1.0.0.0)
    Microsoft.Data.Edm (5.6.3) - framework: >= net45
    Microsoft.Data.OData (5.6.3) - framework: >= net45
      Microsoft.Data.Edm (5.6.3)
      System.Spatial (5.6.3)
    Microsoft.Data.Services.Client (5.6.3) - framework: >= net45
      Microsoft.Data.OData (5.6.3)
    Microsoft.jQuery.Unobtrusive.Validation (3.2.2) - framework: >= net45
      jQuery (>= 1.8)
      jQuery.Validation (>= 1.8)
    Microsoft.Owin (3.0.0) - framework: >= net45
      Owin (>= 1.0)
    Microsoft.Owin.Host.SystemWeb (3.0.0) - framework: >= net45
      Microsoft.Owin (>= 3.0.0)
      Owin (>= 1.0)
    Microsoft.Owin.Security (3.0.0) - framework: >= net45
      Microsoft.Owin (>= 3.0.0)
      Owin (>= 1.0)
    Microsoft.Owin.Security.Cookies (3.0.0) - framework: >= net45
      Microsoft.Owin (>= 3.0.0)
      Microsoft.Owin.Security (>= 3.0.0)
      Owin (>= 1.0)
    Microsoft.Owin.Security.Facebook (3.0.0) - framework: >= net45
      Microsoft.Owin (>= 3.0.0)
      Microsoft.Owin.Security (>= 3.0.0)
      Newtonsoft.Json (>= 6.0.4)
      Owin (>= 1.0)
    Microsoft.Owin.Security.Google (3.0.0) - framework: >= net45
      Microsoft.Owin (>= 3.0.0)
      Microsoft.Owin.Security (>= 3.0.0)
      Newtonsoft.Json (>= 6.0.4)
      Owin (>= 1.0)
    Microsoft.Owin.Security.MicrosoftAccount (3.0.0) - framework: >= net45
      Microsoft.Owin (>= 3.0.0)
      Microsoft.Owin.Security (>= 3.0.0)
      Newtonsoft.Json (>= 6.0.4)
      Owin (>= 1.0)
    Microsoft.Owin.Security.OAuth (3.0.0) - framework: >= net45
      Microsoft.Owin (>= 3.0.0)
      Microsoft.Owin.Security (>= 3.0.0)
      Newtonsoft.Json (>= 6.0.4)
      Owin (>= 1.0)
    Microsoft.Owin.Security.Twitter (3.0.0) - framework: >= net45
      Microsoft.Owin (>= 3.0.0)
      Microsoft.Owin.Security (>= 3.0.0)
      Newtonsoft.Json (>= 6.0.4)
      Owin (>= 1.0)
    Microsoft.Web.Infrastructure (1.0.0.0) - framework: >= net45
    Microsoft.WindowsAzure.ConfigurationManager (2.0.3) - framework: >= net45
    Modernizr (2.8.3) - framework: >= net45
    NDesk.Options (0.2.1) - framework: >= net45
    Newtonsoft.Json (6.0.8) - framework: >= net45
    NuGet.CommandLine (2.8.6)
    Owin (1.0) - framework: >= net45
    Respond (1.4.2) - framework: >= net45
    System.Spatial (5.6.3) - framework: >= net45
    WebGrease (1.6.0) - framework: >= net45
      Antlr (>= 3.4.1.9004)
      Newtonsoft.Json (>= 5.0.4)
    WindowsAzure.Storage (4.3.0) - framework: >= net45
      Microsoft.Data.OData (>= 5.6.2) - framework: >= net40, winv4.5, wpv8.0
      Microsoft.Data.Services.Client (>= 5.6.2) - framework: >= net40
      Microsoft.WindowsAzure.ConfigurationManager (>= 1.8.0.0) - framework: >= net40
      Newtonsoft.Json (>= 5.0.8) - framework: >= net40, wpv8.0
    xunit (1.9.2) - framework: >= net45
    xunit.extensions (1.9.2) - framework: >= net45
      xunit (1.9.2)
